GEM
  remote: https://rubygems.org/
  specs:
    addressable (2.5.2)
      public_suffix (>= 2.0.2, < 4.0)
    arduino_firmata (0.3.7)
      args_parser (>= 0.1.4)
      event_emitter (>= 0.2.4)
      serialport (>= 1.1.0)
    args_parser (0.2.0)
    byebug (10.0.2)
    colorize (0.8.1)
    crack (0.4.3)
      safe_yaml (~> 1.0.0)
    docile (1.3.1)
    dotenv (2.5.0)
    event_emitter (0.2.6)
    hashdiff (0.3.7)
    json (2.1.0)
    minitest (5.11.3)
    public_suffix (3.0.2)
    safe_yaml (1.0.4)
    serialport (1.3.1)
    simplecov (0.16.1)
      docile (~> 1.1)
      json (>= 1.8, < 3)
      simplecov-html (~> 0.10.0)
    simplecov-html (0.10.2)
    webmock (3.4.2)
      addressable (>= 2.3.6)
      crack (>= 0.3.2)
      hashdiff

PLATFORMS
  ruby

DEPENDENCIES
  arduino_firmata
  byebug
  colorize
  dotenv
  minitest
  simplecov
  webmock

BUNDLED WITH
   1.16.3
