GEM
  remote: https://rubygems.org/
  specs:
    addressable (2.5.1)
      public_suffix (~> 2.0, >= 2.0.2)
    arduino_firmata (0.3.7)
      args_parser (>= 0.1.4)
      event_emitter (>= 0.2.4)
      serialport (>= 1.1.0)
    args_parser (0.2.0)
    byebug (9.0.6)
    colorize (0.8.1)
    crack (0.4.3)
      safe_yaml (~> 1.0.0)
    dotenv (2.1.1)
    event_emitter (0.2.5)
    hashdiff (0.3.4)
    minitest (5.10.1)
    public_suffix (2.0.5)
    safe_yaml (1.0.4)
    serialport (1.3.1)
    webmock (3.0.1)
      addressable (>= 2.3.6)
      crack (>= 0.3.2)
      hashdiff

PLATFORMS
  ruby

DEPENDENCIES
  arduino_firmata
  byebug
  colorize
  dotenv
  minitest
  webmock

BUNDLED WITH
   1.14.3
